GEM
  remote: https://rubygems.org/
  specs:
    CFPropertyList (2.2.7)
    colored (1.2)
    cri (2.5.0)
      colored (~> 1.2)
    facter (2.0.1)
      CFPropertyList (~> 2.2.6)
    faraday (0.8.9)
      multipart-post (~> 1.2.0)
    faraday_middleware (0.9.1)
      faraday (>= 0.7.4, < 0.10)
    faraday_middleware-multi_json (0.0.6)
      faraday_middleware
      multi_json
    hiera (1.3.2)
      json_pure
    json_pure (1.8.1)
    log4r (1.1.10)
    multi_json (1.8.4)
    multipart-post (1.2.0)
    puppet (3.5.1)
      facter (> 1.6, < 3)
      hiera (~> 1.0)
      json_pure
      rgen (~> 0.6.5)
    r10k (1.2.1)
      colored (>= 1.2)
      cri (~> 2.5.0)
      faraday (~> 0.8.8)
      faraday_middleware (~> 0.9.0)
      faraday_middleware-multi_json (~> 0.0.5)
      json_pure (~> 1.8.1)
      log4r (>= 1.1.10)
      multi_json (~> 1.8.2)
      systemu (~> 2.5.2)
    rake (10.3.1)
    rgen (0.6.6)
    systemu (2.5.2)

PLATFORMS
  ruby

DEPENDENCIES
  puppet
  r10k
  rake
